PATH
  remote: .
  specs:
    yardstick (0.0.3)
      css_parser

GEM
  remote: http://rubygems.org/
  specs:
    addressable (2.3.2)
    css_parser (1.2.6)
      addressable
      rdoc
    diff-lcs (1.1.3)
    json (1.7.5)
    rdoc (3.12)
      json (~> 1.4)
    rspec (2.12.0)
      rspec-core (~> 2.12.0)
      rspec-expectations (~> 2.12.0)
      rspec-mocks (~> 2.12.0)
    rspec-core (2.12.1)
    rspec-expectations (2.12.0)
      diff-lcs (~> 1.1.3)
    rspec-mocks (2.12.0)

PLATFORMS
  ruby

DEPENDENCIES
  rspec
  yardstick!
