PATH
  remote: .
  specs:
    yardstick (0.0.2)
      chrome_debugger
      css_parser
      librato-metrics
      pry
      yajl-ruby

GEM
  remote: http://rubygems.org/
  specs:
    addressable (2.3.2)
    aggregate (0.2.2)
    chrome_debugger (0.0.5)
      eventmachine
      faye
      headless
      librato-metrics
      yajl-ruby
    coderay (1.0.8)
    cookiejar (0.3.0)
    css_parser (1.2.6)
      addressable
      rdoc
    em-http-request (1.0.3)
      addressable (>= 2.2.3)
      cookiejar
      em-socksify
      eventmachine (>= 1.0.0.beta.4)
      http_parser.rb (>= 0.5.3)
    em-socksify (0.2.1)
      eventmachine (>= 1.0.0.beta.4)
    eventmachine (1.0.0)
    faraday (0.8.4)
      multipart-post (~> 1.1)
    faye (0.8.6)
      cookiejar (>= 0.3.0)
      em-http-request (>= 0.3.0)
      eventmachine (>= 0.12.0)
      faye-websocket (>= 0.4.0)
      rack (>= 1.0.0)
      yajl-ruby (>= 1.0.0)
    faye-websocket (0.4.6)
      eventmachine (>= 0.12.0)
    headless (0.3.1)
    http_parser.rb (0.5.3)
    json (1.7.5)
    librato-metrics (1.0.1)
      aggregate (~> 0.2.2)
      faraday (~> 0.7)
      multi_json
    method_source (0.8.1)
    multi_json (1.4.0)
    multipart-post (1.1.5)
    pry (0.9.10)
      coderay (~> 1.0.5)
      method_source (~> 0.8)
      slop (~> 3.3.1)
    rack (1.4.1)
    rdoc (3.12)
      json (~> 1.4)
    slop (3.3.3)
    yajl-ruby (1.1.0)

PLATFORMS
  ruby

DEPENDENCIES
  yardstick!
