PATH
  remote: .
  specs:
    yardstick (0.0.1)
      css_parser
      librato-metrics
      pry
      yajl-ruby

GEM
  remote: http://rubygems.org/
  specs:
    addressable (2.3.2)
    aggregate (0.2.2)
    coderay (1.0.8)
    css_parser (1.2.6)
      addressable
      rdoc
    faraday (0.8.4)
      multipart-post (~> 1.1)
    json (1.7.5)
    librato-metrics (1.0.1)
      aggregate (~> 0.2.2)
      faraday (~> 0.7)
      multi_json
    method_source (0.8.1)
    multi_json (1.4.0)
    multipart-post (1.1.5)
    pry (0.9.10)
      coderay (~> 1.0.5)
      method_source (~> 0.8)
      slop (~> 3.3.1)
    rdoc (3.12)
      json (~> 1.4)
    slop (3.3.3)
    yajl-ruby (1.1.0)

PLATFORMS
  ruby

DEPENDENCIES
  yardstick!
